GIT
  remote: https://github.com/fourks/dorothy
  revision: 4f7d62cd2281e000e9286261e59131fc081e2751
  specs:
    dorothy (0.0.3)

GEM
  remote: https://rubygems.org/
  specs:
    mime-types (2.0)
    rack (1.5.2)
    rack-protection (1.5.1)
      rack
    redis (3.0.7)
    rest-client (1.6.7)
      mime-types (>= 1.16)
    sinatra (1.4.4)
      rack (~> 1.4)
      rack-protection (~> 1.4)
      tilt (~> 1.3, >= 1.3.4)
    tilt (1.4.1)

PLATFORMS
  ruby

DEPENDENCIES
  dorothy!
  redis
  rest-client
  sinatra
